GEM
  remote: https://rubygems.org/
  specs:
    cause (0.1)
    influxdb (0.2.3)
      cause
      json
    json (1.8.3)
    mqtt (0.3.1)

PLATFORMS
  ruby

DEPENDENCIES
  influxdb (~> 0.2.3)
  mqtt (~> 0.3.0)

BUNDLED WITH
   1.11.2
