GIT
  remote: https://github.com/hawkular/hawkular-client-ruby.git
  revision: f7db3ad4748ed27371e62d73f5fc72964217c70e
  branch: master
  specs:
    hawkular-client (0.2.1)
      rest-client
      websocket-client-simple

GEM
  remote: https://rubygems.org/
  specs:
    addressable (2.4.0)
    domain_name (0.5.20160310)
      unf (>= 0.0.5, < 1.0.0)
    event_emitter (0.2.5)
    http-cookie (1.0.2)
      domain_name (~> 0.5)
    json (1.8.3)
    mime-types (2.99.1)
    mqtt (0.3.1)
    netrc (0.11.0)
    rest-client (1.8.0)
      http-cookie (>= 1.0.2, < 2.0)
      mime-types (>= 1.16, < 3.0)
      netrc (~> 0.7)
    unf (0.1.4)
      unf_ext
    unf_ext (0.0.7.2)
    websocket (1.2.2)
    websocket-client-simple (0.3.0)
      event_emitter
      websocket

PLATFORMS
  ruby

DEPENDENCIES
  addressable (~> 2.4.0)
  hawkular-client (~> 0.2.1)!
  json (~> 1.8.2)
  mqtt (~> 0.3.0)

BUNDLED WITH
   1.10.5-r0
