GEM
  remote: https://rubygems.org/
  specs:
    cause (0.1)
    hitimes (1.2.3)
    influxdb (0.2.3)
      cause
      json
    json (1.8.3)
    mqtt (0.3.1)
    timers (4.1.1)
      hitimes

PLATFORMS
  ruby

DEPENDENCIES
  influxdb (~> 0.2.3)
  mqtt (~> 0.3.0)
  timers (~> 4.1, >= 4.1.1)
